PATH
  remote: .
  specs:
    Japan_Info (0.1.0)
      nokogiri
      pry

GEM
  remote: https://rubygems.org/
  specs:
    coderay (1.1.2)
    method_source (1.0.0)
    mini_portile2 (2.4.0)
    nokogiri (1.10.9)
      mini_portile2 (~> 2.4.0)
    pry (0.13.1)
      coderay (~> 1.1)
      method_source (~> 1.0)
    rake (10.5.0)

PLATFORMS
  ruby

DEPENDENCIES
  Japan_Info!
  bundler (~> 2.0)
  rake (~> 10.0)

BUNDLED WITH
   2.0.1
